GEM
  remote: https://rubygems.org/
  specs:
    activesupport (3.2.12)
      i18n (~> 0.6)
      multi_json (~> 1.0)
    addressable (2.3.3)
    aws-sdk (1.8.3)
      json (~> 1.4)
      nokogiri (>= 1.4.4)
      uuidtools (~> 2.1)
    capistrano (2.14.2)
      highline
      net-scp (>= 1.0.0)
      net-sftp (>= 2.0.0)
      net-ssh (>= 2.0.14)
      net-ssh-gateway (>= 1.1.0)
    columnize (0.3.6)
    debugger (1.3.1)
      columnize (>= 0.3.1)
      debugger-linecache (~> 1.1.1)
      debugger-ruby_core_source (~> 1.1.8)
    debugger-linecache (1.1.2)
      debugger-ruby_core_source (>= 1.1.1)
    debugger-ruby_core_source (1.1.8)
    diff-lcs (1.1.3)
    foreman (0.61.0)
      thor (>= 0.13.6)
    highline (1.6.15)
    hiredis (0.4.5)
    i18n (0.6.1)
    json (1.7.7)
    multi_json (1.6.1)
    net-scp (1.1.0)
      net-ssh (>= 2.6.5)
    net-sftp (2.1.1)
      net-ssh (>= 2.6.5)
    net-ssh (2.6.5)
    net-ssh-gateway (1.2.0)
      net-ssh (>= 2.6.5)
    nokogiri (1.5.6)
    rack (1.5.2)
    rack-protection (1.3.2)
      rack
    rack-test (0.6.1)
      rack (>= 1.0)
    rails_config (0.3.2)
      activesupport (>= 3.0)
    railsless-deploy (1.0.2)
    rake (10.0.3)
    rdf (1.0.1)
      addressable (>= 2.2)
    redis (3.0.2)
    redis-namespace (1.2.1)
      redis (~> 3.0.0)
    resque (1.23.0)
      multi_json (~> 1.0)
      redis-namespace (~> 1.0)
      sinatra (>= 0.9.2)
      vegas (~> 0.1.2)
    resque_spec (0.13.0)
      resque (>= 1.19.0)
      rspec (>= 2.5.0)
    rspec (2.12.0)
      rspec-core (~> 2.12.0)
      rspec-expectations (~> 2.12.0)
      rspec-mocks (~> 2.12.0)
    rspec-core (2.12.2)
    rspec-expectations (2.12.1)
      diff-lcs (~> 1.1.3)
    rspec-mocks (2.12.2)
    ruby-prof (0.12.2)
    simplecov (0.7.1)
      multi_json (~> 1.0)
      simplecov-html (~> 0.7.1)
    simplecov-html (0.7.1)
    sinatra (1.3.4)
      rack (~> 1.4)
      rack-protection (~> 1.3)
      tilt (~> 1.3, >= 1.3.3)
    thor (0.17.0)
    tilt (1.3.3)
    uuidtools (2.1.3)
    vegas (0.1.11)
      rack (>= 1.0.0)

PLATFORMS
  ruby

DEPENDENCIES
  aws-sdk
  capistrano
  debugger
  foreman
  hiredis
  rack-test
  rails_config
  railsless-deploy
  rake
  rdf
  resque
  resque_spec
  rspec
  ruby-prof
  simplecov
